RESTRICTION: >= net45
NUGET
  remote: https://www.nuget.org/api/v2
    FSharp.Core (4.0.0.1) - redirects: force

GROUP Build
NUGET
  remote: https://www.nuget.org/api/v2
    Destructurama.FSharp (1.0.14)
      Serilog (>= 1.4.204)
    FAKE (4.61.3)
    FSharp.Compiler.Service (2.0.0.6)
    FSharp.Data (2.3.3)
      Zlib.Portable (>= 1.11) - restriction: || (&& (< net40) (>= portable-net45+win8)) (&& (< net40) (>= portable-net45+win8+sl5) (< portable-net45+win8+wp8+wpa81)) (&& (< net40) (< portable-net45+win8+sl5) (>= portable-net45+win8+wp8+wpa81))
    FSharp.Formatting (2.14.4)
      FSharp.Compiler.Service (2.0.0.6)
      FSharpVSPowerTools.Core (>= 2.3 < 2.4)
    FSharpVSPowerTools.Core (2.3)
      FSharp.Compiler.Service (>= 2.0.0.3)
    Microsoft.ApplicationInsights (2.3) - restriction: >= net40
      Microsoft.Diagnostics.Tracing.EventSource.Redist (>= 1.1.28) - restriction: && (>= net40) (< net45) (< netstandard13)
    Microsoft.ApplicationInsights.Agent.Intercept (2.0.7) - restriction: >= net40
      Microsoft.Diagnostics.Tracing.EventSource.Redist (>= 1.1.28) - restriction: && (>= net40) (< net45)
    Microsoft.ApplicationInsights.DependencyCollector (2.3) - restriction: >= net40
      Microsoft.ApplicationInsights (2.3) - restriction: >= net40
      Microsoft.ApplicationInsights.Agent.Intercept (>= 2.0.7) - restriction: >= net40
    Microsoft.ApplicationInsights.PerfCounterCollector (2.3) - restriction: >= net40
      Microsoft.ApplicationInsights (>= 2.3) - restriction: && (>= net40) (< net45)
      Microsoft.ApplicationInsights (2.3) - restriction: >= net45
      Microsoft.Diagnostics.Tracing.EventSource.Redist (>= 1.1.28) - restriction: && (>= net40) (< net45)
    Microsoft.ApplicationInsights.WindowsServer (2.3)
      Microsoft.ApplicationInsights (2.3) - restriction: >= net40
      Microsoft.ApplicationInsights.DependencyCollector (>= 2.3) - restriction: >= net40
      Microsoft.ApplicationInsights.PerfCounterCollector (>= 2.3) - restriction: >= net40
      Microsoft.ApplicationInsights.WindowsServer.TelemetryChannel (2.3) - restriction: >= net40
      Microsoft.Diagnostics.Tracing.EventSource.Redist (>= 1.1.28) - restriction: && (>= net40) (< net45)
    Microsoft.ApplicationInsights.WindowsServer.TelemetryChannel (2.3) - restriction: >= net40
      Microsoft.ApplicationInsights (2.3) - restriction: >= net40
      Microsoft.Bcl (>= 1.1.10) - restriction: && (>= net40) (< net45)
      Microsoft.Bcl.Async (>= 1.0.168) - restriction: && (>= net40) (< net45)
      Microsoft.Diagnostics.Tracing.EventSource.Redist (>= 1.1.28) - restriction: && (>= net40) (< net45)
    Microsoft.Bcl (1.1.10) - restriction: || (&& (>= net40) (< net45)) (&& (< net45) (< win8) (< portable-win81+wpa81))
      Microsoft.Bcl.Build (>= 1.0.14)
    Microsoft.Bcl.Async (1.0.168) - restriction: && (>= net40) (< net45)
      Microsoft.Bcl (>= 1.1.8)
    Microsoft.Bcl.Build (1.0.21) - import_targets: false, restriction: && (< net45) (< win8) (< portable-win81+wpa81)
    Microsoft.CSharp (4.3) - restriction: || (&& (< net45) (>= netstandard10) (< netstandard13)) (&& (< net45) (>= netstandard13))
      System.Collections (>= 4.3) - restriction: || (&& (< net45) (>= netstandard13) (< monotouch) (< xamarinios) (< xamarinmac) (< win8) (< wpa81)) (>= dnxcore50)
      System.Diagnostics.Debug (>= 4.3) - restriction: || (&& (< net45) (>= netstandard13) (< monotouch) (< xamarinios) (< xamarinmac) (< win8) (< wpa81)) (>= dnxcore50)
      System.Dynamic.Runtime (>= 4.3) - restriction: || (&& (< net45) (>= netstandard10) (< netstandard13) (< monoandroid) (< win8) (< wp8) (< wpa81)) (&& (< net45) (>= netstandard13) (< monotouch) (< xamarinios) (< xamarinmac) (< win8) (< wpa81)) (>= dnxcore50)
      System.Globalization (>= 4.3) - restriction: || (&& (< net45) (>= netstandard13) (< monotouch) (< xamarinios) (< xamarinmac) (< win8) (< wpa81)) (>= dnxcore50)
      System.Linq (>= 4.3) - restriction: || (&& (< net45) (>= netstandard13) (< monotouch) (< xamarinios) (< xamarinmac) (< win8) (< wpa81)) (>= dnxcore50)
      System.Linq.Expressions (>= 4.3) - restriction: || (&& (< net45) (>= netstandard10) (< netstandard13) (< monoandroid) (< win8) (< wp8) (< wpa81)) (&& (< net45) (>= netstandard13) (< monotouch) (< xamarinios) (< xamarinmac) (< win8) (< wpa81)) (>= dnxcore50)
      System.ObjectModel (>= 4.3) - restriction: || (&& (< net45) (>= netstandard13) (< monotouch) (< xamarinios) (< xamarinmac) (< win8) (< wpa81)) (>= dnxcore50)
      System.Reflection (>= 4.3) - restriction: || (&& (< net45) (>= netstandard13) (< monotouch) (< xamarinios) (< xamarinmac) (< win8) (< wpa81)) (>= dnxcore50)
      System.Reflection.Extensions (>= 4.3) - restriction: || (&& (< net45) (>= netstandard13) (< monotouch) (< xamarinios) (< xamarinmac) (< win8) (< wpa81)) (>= dnxcore50)
      System.Reflection.Primitives (>= 4.3) - restriction: || (&& (< net45) (>= netstandard13) (< monotouch) (< xamarinios) (< xamarinmac) (< win8) (< wpa81)) (>= dnxcore50)
      System.Reflection.TypeExtensions (>= 4.3) - restriction: || (&& (< net45) (>= netstandard13) (< monotouch) (< xamarinios) (< xamarinmac) (< win8) (< wpa81)) (>= dnxcore50)
      System.Resources.ResourceManager (>= 4.3) - restriction: || (&& (< net45) (>= netstandard13) (< monotouch) (< xamarinios) (< xamarinmac) (< win8) (< wpa81)) (>= dnxcore50)
      System.Runtime (>= 4.3) - restriction: || (&& (< net45) (>= netstandard10) (< netstandard13) (< monoandroid) (< win8) (< wp8) (< wpa81)) (&& (< net45) (>= netstandard13) (< monotouch) (< xamarinios) (< xamarinmac) (< win8) (< wpa81)) (>= dnxcore50)
      System.Runtime.Extensions (>= 4.3) - restriction: || (&& (< net45) (>= netstandard13) (< monotouch) (< xamarinios) (< xamarinmac) (< win8) (< wpa81)) (>= dnxcore50)
      System.Runtime.InteropServices (>= 4.3) - restriction: || (&& (< net45) (>= netstandard13) (< monotouch) (< xamarinios) (< xamarinmac) (< win8) (< wpa81)) (>= dnxcore50)
      System.Threading (>= 4.3) - restriction: || (&& (< net45) (>= netstandard13) (< monotouch) (< xamarinios) (< xamarinmac) (< win8) (< wpa81)) (>= dnxcore50)
    Microsoft.Diagnostics.Tracing.EventSource.Redist (1.1.28) - restriction: && (>= net40) (< net45)
    Microsoft.Net.Http (2.2.29) - restriction: && (< net45) (< win8) (< portable-win81+wpa81)
      Microsoft.Bcl (>= 1.1.10)
      Microsoft.Bcl.Build (>= 1.0.14)
    Microsoft.NETCore.Platforms (1.1) - restriction: || (&& (< net45) (>= net462)) (&& (< net45) (>= netstandard10) (< netstandard12) (< monoandroid) (< win8) (< wp8)) (&& (< net45) (>= netstandard10) (< netstandard13) (< win8) (< wp8) (< wpa81)) (&& (< net45) (>= netstandard12) (< netstandard13) (< monoandroid) (< win8) (< wpa81)) (&& (< net45) (< netstandard12) (>= netstandard13) (< monoandroid) (< win8)) (&& (< net45) (< netstandard12) (>= netstandard15) (< monoandroid)) (&& (< net45) (>= netstandard13) (< netstandard15) (< monoandroid) (< win8) (< wpa81)) (&& (< net45) (>= netstandard13) (< monotouch) (< xamarinios) (< xamarinmac)) (&& (< net45) (< netstandard13) (>= netstandard15)) (&& (< net45) (>= netstandard15) (< monotouch) (< xamarinios) (< xamarinmac)) (&& (>= net462) (>= dnxcore50)) (&& (>= dnxcore50) (>= netstandard10)) (&& (>= dnxcore50) (>= netstandard13)) (&& (>= dnxcore50) (>= netstandard15)) (>= netcore11)
    Microsoft.NETCore.Targets (1.1) - restriction: || (&& (< net45) (>= net462)) (&& (< net45) (>= netstandard10) (< netstandard12) (< monoandroid) (< win8) (< wp8)) (&& (< net45) (>= netstandard10) (< netstandard13) (< win8) (< wp8) (< wpa81)) (&& (< net45) (>= netstandard12) (< netstandard13) (< monoandroid) (< win8) (< wpa81)) (&& (< net45) (< netstandard12) (>= netstandard13) (< monoandroid) (< win8)) (&& (< net45) (< netstandard12) (>= netstandard15) (< monoandroid)) (&& (< net45) (>= netstandard13) (< netstandard15) (< monoandroid) (< win8) (< wpa81)) (&& (< net45) (>= netstandard13) (< monotouch) (< xamarinios) (< xamarinmac)) (&& (< net45) (< netstandard13) (>= netstandard15)) (&& (< net45) (>= netstandard15) (< monotouch) (< xamarinios) (< xamarinmac)) (&& (>= net462) (>= dnxcore50)) (&& (>= dnxcore50) (>= netstandard10)) (&& (>= dnxcore50) (>= netstandard13)) (&& (>= dnxcore50) (>= netstandard15)) (>= netcore11)
    Octokit (0.24)
      Microsoft.Net.Http  - restriction: && (< net45) (< win8) (< portable-win81+wpa81)
    Serilog (2.5)
      Microsoft.CSharp (>= 4.0.1) - restriction: || (&& (< net45) (>= netstandard10) (< netstandard13)) (&& (< net45) (>= netstandard13))
      System.Collections (>= 4.0.11) - restriction: || (&& (< net45) (>= netstandard10) (< netstandard13)) (&& (< net45) (>= netstandard13))
      System.Collections.NonGeneric (>= 4.0.1) - restriction: && (< net45) (>= netstandard13)
      System.Dynamic.Runtime (>= 4.0.11) - restriction: || (&& (< net45) (>= netstandard10) (< netstandard13)) (&& (< net45) (>= netstandard13))
      System.Globalization (>= 4.0.11) - restriction: || (&& (< net45) (>= netstandard10) (< netstandard13)) (&& (< net45) (>= netstandard13))
      System.Linq (>= 4.1) - restriction: || (&& (< net45) (>= netstandard10) (< netstandard13)) (&& (< net45) (>= netstandard13))
      System.Reflection (>= 4.1) - restriction: || (&& (< net45) (>= netstandard10) (< netstandard13)) (&& (< net45) (>= netstandard13))
      System.Reflection.Extensions (>= 4.0.1) - restriction: || (&& (< net45) (>= netstandard10) (< netstandard13)) (&& (< net45) (>= netstandard13))
      System.Runtime (>= 4.1) - restriction: || (&& (< net45) (>= netstandard10) (< netstandard13)) (&& (< net45) (>= netstandard13))
      System.Runtime.Extensions (>= 4.1) - restriction: || (&& (< net45) (>= netstandard10) (< netstandard13)) (&& (< net45) (>= netstandard13))
      System.Text.RegularExpressions (>= 4.1) - restriction: || (&& (< net45) (>= netstandard10) (< netstandard13)) (&& (< net45) (>= netstandard13))
      System.Threading (>= 4.0.11) - restriction: || (&& (< net45) (>= netstandard10) (< netstandard13)) (&& (< net45) (>= netstandard13))
    Serilog.Sinks.File (3.2) - restriction: || (>= net45) (>= netstandard13)
      Serilog (>= 2.3) - restriction: || (>= net45) (>= netstandard13)
      System.IO (>= 4.1) - restriction: && (< net45) (>= netstandard13)
      System.IO.FileSystem (>= 4.0.1) - restriction: && (< net45) (>= netstandard13)
      System.IO.FileSystem.Primitives (>= 4.0.1) - restriction: && (< net45) (>= netstandard13)
      System.Text.Encoding.Extensions (>= 4.0.11) - restriction: && (< net45) (>= netstandard13)
      System.Threading (>= 4.0.11) - restriction: && (< net45) (>= netstandard13)
      System.Threading.Timer (>= 4.0.1) - restriction: && (< net45) (>= netstandard13)
    Serilog.Sinks.RollingFile (3.3)
      Serilog.Sinks.File (>= 3.2) - restriction: || (>= net45) (>= netstandard13)
      System.IO (>= 4.1) - restriction: && (< net45) (>= netstandard13)
      System.IO.FileSystem.Primitives (>= 4.0.1) - restriction: && (< net45) (>= netstandard13)
      System.Runtime.InteropServices (>= 4.1) - restriction: && (< net45) (>= netstandard13)
      System.Text.Encoding.Extensions (>= 4.0.11) - restriction: && (< net45) (>= netstandard13)
    SourceLink.Fake (1.1)
    System.Collections (4.3) - restriction: || (&& (< net45) (>= netstandard10) (< netstandard13)) (&& (< net45) (>= netstandard13)) (&& (>= dnxcore50) (>= netstandard10)) (&& (>= dnxcore50) (>= netstandard13)) (&& (>= dnxcore50) (>= netstandard16)) (&& (< netstandard13) (>= netstandard16)) (&& (>= netstandard16) (< monotouch) (< xamarinios) (< xamarinmac))
      Microsoft.NETCore.Platforms (>= 1.1) - restriction: || (&& (< net45) (>= netstandard10) (< netstandard13) (< monoandroid) (< win8) (< wp8) (< wpa81)) (&& (< net45) (>= netstandard13) (< monotouch) (< xamarinios) (< xamarinmac) (< win8) (< wpa81)) (>= dnxcore50)
      Microsoft.NETCore.Targets (>= 1.1) - restriction: || (&& (< net45) (>= netstandard10) (< netstandard13) (< monoandroid) (< win8) (< wp8) (< wpa81)) (&& (< net45) (>= netstandard13) (< monotouch) (< xamarinios) (< xamarinmac) (< win8) (< wpa81)) (>= dnxcore50)
      System.Runtime (>= 4.3) - restriction: || (&& (< net45) (>= netstandard10) (< netstandard13) (< monoandroid) (< win8) (< wp8) (< wpa81)) (&& (< net45) (>= netstandard13) (< monotouch) (< xamarinios) (< xamarinmac) (< win8) (< wpa81)) (>= dnxcore50)
    System.Collections.NonGeneric (4.3) - restriction: && (< net45) (>= netstandard13)
      System.Diagnostics.Debug (>= 4.3) - restriction: && (< net46) (>= netstandard13) (< monotouch) (< xamarinios) (< xamarinmac)
      System.Globalization (>= 4.3) - restriction: && (< net46) (>= netstandard13) (< monotouch) (< xamarinios) (< xamarinmac)
      System.Resources.ResourceManager (>= 4.3) - restriction: && (< net46) (>= netstandard13) (< monotouch) (< xamarinios) (< xamarinmac)
      System.Runtime (>= 4.3) - restriction: && (< net46) (>= netstandard13) (< monotouch) (< xamarinios) (< xamarinmac)
      System.Runtime.Extensions (>= 4.3) - restriction: && (< net46) (>= netstandard13) (< monotouch) (< xamarinios) (< xamarinmac)
      System.Threading (>= 4.3) - restriction: && (< net46) (>= netstandard13) (< monotouch) (< xamarinios) (< xamarinmac)
    System.Diagnostics.Debug (4.3) - restriction: || (&& (< net45) (>= netstandard13) (< monotouch) (< xamarinios) (< xamarinmac)) (&& (>= dnxcore50) (>= netstandard10)) (&& (>= dnxcore50) (>= netstandard13)) (&& (>= dnxcore50) (>= netstandard16)) (&& (< netstandard13) (>= netstandard16)) (&& (>= netstandard16) (< monotouch) (< xamarinios) (< xamarinmac))
      Microsoft.NETCore.Platforms (>= 1.1) - restriction: || (&& (< net45) (>= netstandard10) (< netstandard13) (< monoandroid) (< win8) (< wp8) (< wpa81)) (&& (< net45) (>= netstandard13) (< monotouch) (< xamarinios) (< xamarinmac) (< win8) (< wpa81)) (>= dnxcore50)
      Microsoft.NETCore.Targets (>= 1.1) - restriction: || (&& (< net45) (>= netstandard10) (< netstandard13) (< monoandroid) (< win8) (< wp8) (< wpa81)) (&& (< net45) (>= netstandard13) (< monotouch) (< xamarinios) (< xamarinmac) (< win8) (< wpa81)) (>= dnxcore50)
      System.Runtime (>= 4.3) - restriction: || (&& (< net45) (>= netstandard10) (< netstandard13) (< monoandroid) (< win8) (< wp8) (< wpa81)) (&& (< net45) (>= netstandard13) (< monotouch) (< xamarinios) (< xamarinmac) (< win8) (< wpa81)) (>= dnxcore50)
    System.Dynamic.Runtime (4.3) - restriction: || (&& (< net45) (>= netstandard10) (< netstandard13)) (&& (< net45) (>= netstandard13)) (&& (>= dnxcore50) (>= netstandard10)) (&& (>= dnxcore50) (>= netstandard13))
      System.Collections (>= 4.3) - restriction: || (&& (< net45) (>= netstandard13) (< monotouch) (< xamarinios) (< xamarinmac) (< win8) (< wpa81)) (>= dnxcore50)
      System.Diagnostics.Debug (>= 4.3) - restriction: || (&& (< net45) (>= netstandard13) (< monotouch) (< xamarinios) (< xamarinmac) (< win8) (< wpa81)) (>= dnxcore50)
      System.Linq (>= 4.3) - restriction: || (&& (< net45) (>= netstandard13) (< monotouch) (< xamarinios) (< xamarinmac) (< win8) (< wpa81)) (>= dnxcore50)
      System.Linq.Expressions (>= 4.3) - restriction: || (&& (< net45) (>= netstandard10) (< netstandard13) (< monoandroid) (< win8) (< wp8) (< wpa81)) (&& (< net45) (>= netstandard13) (< monotouch) (< xamarinios) (< xamarinmac) (< win8) (< wpa81)) (>= dnxcore50)
      System.ObjectModel (>= 4.3) - restriction: || (&& (< net45) (>= netstandard10) (< netstandard13) (< monoandroid) (< win8) (< wp8) (< wpa81)) (&& (< net45) (>= netstandard13) (< monotouch) (< xamarinios) (< xamarinmac) (< win8) (< wpa81)) (>= dnxcore50)
      System.Reflection (>= 4.3) - restriction: || (&& (< net45) (>= netstandard10) (< netstandard13) (< monoandroid) (< win8) (< wp8) (< wpa81)) (&& (< net45) (>= netstandard13) (< monotouch) (< xamarinios) (< xamarinmac) (< win8) (< wpa81)) (>= dnxcore50)
      System.Reflection.Emit (>= 4.3) - restriction: && (< net45) (>= netstandard13) (< monotouch) (< xamarinios) (< xamarinmac) (< win8) (< wpa81)
      System.Reflection.Emit.ILGeneration (>= 4.3) - restriction: && (< net45) (>= netstandard13) (< monotouch) (< xamarinios) (< xamarinmac) (< win8) (< wpa81)
      System.Reflection.Primitives (>= 4.3) - restriction: && (< net45) (>= netstandard13) (< monotouch) (< xamarinios) (< xamarinmac) (< win8) (< wpa81)
      System.Reflection.TypeExtensions (>= 4.3) - restriction: || (&& (< net45) (>= netstandard13) (< monotouch) (< xamarinios) (< xamarinmac) (< win8) (< wpa81)) (>= dnxcore50)
      System.Resources.ResourceManager (>= 4.3) - restriction: || (&& (< net45) (>= netstandard13) (< monotouch) (< xamarinios) (< xamarinmac) (< win8) (< wpa81)) (>= dnxcore50)
      System.Runtime (>= 4.3) - restriction: || (&& (< net45) (>= netstandard10) (< netstandard13) (< monoandroid) (< win8) (< wp8) (< wpa81)) (&& (< net45) (>= netstandard13) (< monotouch) (< xamarinios) (< xamarinmac) (< win8) (< wpa81)) (>= dnxcore50)
      System.Runtime.Extensions (>= 4.3) - restriction: || (&& (< net45) (>= netstandard13) (< monotouch) (< xamarinios) (< xamarinmac) (< win8) (< wpa81)) (>= dnxcore50)
      System.Threading (>= 4.3) - restriction: || (&& (< net45) (>= netstandard13) (< monotouch) (< xamarinios) (< xamarinmac) (< win8) (< wpa81)) (>= dnxcore50)
    System.Globalization (4.3) - restriction: || (&& (< net45) (>= netstandard10) (< netstandard13)) (&& (< net45) (>= netstandard13)) (&& (>= dnxcore50) (>= netstandard10)) (&& (>= dnxcore50) (>= netstandard13)) (&& (>= dnxcore50) (>= netstandard16)) (&& (< netstandard13) (>= netstandard16)) (&& (>= netstandard16) (< monotouch) (< xamarinios) (< xamarinmac))
      Microsoft.NETCore.Platforms (>= 1.1) - restriction: || (&& (< net45) (>= netstandard10) (< netstandard13) (< monoandroid) (< win8) (< wp8) (< wpa81)) (&& (< net45) (>= netstandard13) (< monotouch) (< xamarinios) (< xamarinmac) (< win8) (< wpa81)) (>= dnxcore50)
      Microsoft.NETCore.Targets (>= 1.1) - restriction: || (&& (< net45) (>= netstandard10) (< netstandard13) (< monoandroid) (< win8) (< wp8) (< wpa81)) (&& (< net45) (>= netstandard13) (< monotouch) (< xamarinios) (< xamarinmac) (< win8) (< wpa81)) (>= dnxcore50)
      System.Runtime (>= 4.3) - restriction: || (&& (< net45) (>= netstandard10) (< netstandard13) (< monoandroid) (< win8) (< wp8) (< wpa81)) (&& (< net45) (>= netstandard13) (< monotouch) (< xamarinios) (< xamarinmac) (< win8) (< wpa81)) (>= dnxcore50)
    System.IO (4.3) - restriction: || (&& (< net45) (>= netstandard10) (< netstandard13) (< monoandroid) (< win8) (< wp8) (< wpa81)) (&& (< net45) (< netstandard12) (>= netstandard15) (< monoandroid)) (&& (< net45) (>= netstandard13)) (&& (< net45) (< netstandard13) (>= netstandard15)) (&& (< net45) (>= netstandard15) (< monotouch) (< xamarinios) (< xamarinmac)) (&& (>= dnxcore50) (>= netstandard10)) (&& (>= dnxcore50) (>= netstandard13)) (&& (>= dnxcore50) (>= netstandard15)) (&& (>= dnxcore50) (>= netstandard16)) (&& (< netstandard13) (>= netstandard16) (< monoandroid)) (&& (>= netstandard16) (< monotouch) (< xamarinios) (< xamarinmac)) (>= netcore11)
      Microsoft.NETCore.Platforms (>= 1.1) - restriction: || (&& (< net45) (>= netstandard10) (< netstandard13) (< monoandroid) (< win8) (< wp8) (< wpa81)) (&& (< net45) (>= netstandard13) (< netstandard15) (< monoandroid) (< win8) (< wpa81)) (&& (< net45) (>= netstandard15) (< monotouch) (< xamarinios) (< xamarinmac)) (>= dnxcore50)
      Microsoft.NETCore.Targets (>= 1.1) - restriction: || (&& (< net45) (>= netstandard10) (< netstandard13) (< monoandroid) (< win8) (< wp8) (< wpa81)) (&& (< net45) (>= netstandard13) (< netstandard15) (< monoandroid) (< win8) (< wpa81)) (&& (< net45) (>= netstandard15) (< monotouch) (< xamarinios) (< xamarinmac)) (>= dnxcore50)
      System.Runtime (>= 4.3) - restriction: || (&& (< net45) (>= netstandard10) (< netstandard13) (< monoandroid) (< win8) (< wp8) (< wpa81)) (&& (< net45) (>= netstandard13) (< netstandard15) (< monoandroid) (< win8) (< wpa81)) (&& (< net45) (>= netstandard15) (< monotouch) (< xamarinios) (< xamarinmac)) (>= dnxcore50)
      System.Text.Encoding (>= 4.3) - restriction: || (&& (< net45) (>= netstandard10) (< netstandard13) (< monoandroid) (< win8) (< wp8) (< wpa81)) (&& (< net45) (>= netstandard13) (< netstandard15) (< monoandroid) (< win8) (< wpa81)) (&& (< net45) (>= netstandard15) (< monotouch) (< xamarinios) (< xamarinmac)) (>= dnxcore50)
      System.Threading.Tasks (>= 4.3) - restriction: || (&& (< net45) (>= netstandard10) (< netstandard13) (< monoandroid) (< win8) (< wp8) (< wpa81)) (&& (< net45) (>= netstandard13) (< netstandard15) (< monoandroid) (< win8) (< wpa81)) (&& (< net45) (>= netstandard15) (< monotouch) (< xamarinios) (< xamarinmac)) (>= dnxcore50)
    System.IO.FileSystem (4.3) - restriction: && (< net45) (>= netstandard13)
      Microsoft.NETCore.Platforms (>= 1.1) - restriction: && (< net46) (>= netstandard13) (< monotouch) (< xamarinios) (< xamarinmac)
      Microsoft.NETCore.Targets (>= 1.1) - restriction: && (< net46) (>= netstandard13) (< monotouch) (< xamarinios) (< xamarinmac)
      System.IO (>= 4.3) - restriction: && (< net46) (>= netstandard13) (< monotouch) (< xamarinios) (< xamarinmac)
      System.IO.FileSystem.Primitives (>= 4.3) - restriction: || (>= net46) (&& (>= netstandard13) (< monotouch) (< xamarinios) (< xamarinmac))
      System.Runtime (>= 4.3) - restriction: && (< net46) (>= netstandard13) (< monotouch) (< xamarinios) (< xamarinmac)
      System.Runtime.Handles (>= 4.3) - restriction: && (< net46) (>= netstandard13) (< monotouch) (< xamarinios) (< xamarinmac)
      System.Text.Encoding (>= 4.3) - restriction: && (< net46) (>= netstandard13) (< monotouch) (< xamarinios) (< xamarinmac)
      System.Threading.Tasks (>= 4.3) - restriction: && (< net46) (>= netstandard13) (< monotouch) (< xamarinios) (< xamarinmac)
    System.IO.FileSystem.Primitives (4.3) - restriction: || (&& (< net45) (>= net46)) (&& (< net45) (>= netstandard13))
      System.Runtime (>= 4.3) - restriction: && (< net46) (>= netstandard13) (< monotouch) (< xamarinios) (< xamarinmac)
    System.Linq (4.3) - restriction: || (&& (< net45) (>= netstandard10) (< netstandard13)) (&& (< net45) (>= netstandard13)) (&& (>= dnxcore50) (>= netstandard10)) (&& (>= dnxcore50) (>= netstandard13)) (&& (>= dnxcore50) (>= netstandard16)) (&& (< netstandard13) (>= netstandard16) (< monoandroid)) (&& (>= netstandard16) (< monotouch) (< xamarinios) (< xamarinmac))
      System.Collections (>= 4.3) - restriction: || (&& (< net45) (>= netstandard10) (< netstandard16) (< monoandroid) (< win8) (< wp8) (< wpa81)) (>= dnxcore50) (&& (>= netstandard16) (< monotouch) (< xamarinios) (< xamarinmac))
      System.Diagnostics.Debug (>= 4.3) - restriction: || (>= dnxcore50) (&& (>= netstandard16) (< monotouch) (< xamarinios) (< xamarinmac))
      System.Resources.ResourceManager (>= 4.3) - restriction: || (>= dnxcore50) (&& (>= netstandard16) (< monotouch) (< xamarinios) (< xamarinmac))
      System.Runtime (>= 4.3) - restriction: || (&& (< net45) (>= netstandard10) (< netstandard16) (< monoandroid) (< win8) (< wp8) (< wpa81)) (>= dnxcore50) (&& (>= netstandard16) (< monotouch) (< xamarinios) (< xamarinmac))
      System.Runtime.Extensions (>= 4.3) - restriction: || (>= dnxcore50) (&& (>= netstandard16) (< monotouch) (< xamarinios) (< xamarinmac))
    System.Linq.Expressions (4.3) - restriction: || (&& (< net45) (>= netstandard10) (< netstandard13) (< monoandroid) (< win8) (< wp8) (< wpa81)) (&& (< net45) (>= netstandard13) (< monotouch) (< xamarinios) (< xamarinmac) (< win8) (< wpa81)) (&& (>= dnxcore50) (>= netstandard10)) (&& (>= dnxcore50) (>= netstandard13))
      System.Collections (>= 4.3) - restriction: || (>= dnxcore50) (&& (>= netstandard16) (< monotouch) (< xamarinios) (< xamarinmac))
      System.Diagnostics.Debug (>= 4.3) - restriction: || (>= dnxcore50) (&& (>= netstandard16) (< monotouch) (< xamarinios) (< xamarinmac))
      System.Globalization (>= 4.3) - restriction: || (>= dnxcore50) (&& (>= netstandard16) (< monotouch) (< xamarinios) (< xamarinmac))
      System.IO (>= 4.3) - restriction: || (>= dnxcore50) (&& (>= netstandard16) (< monotouch) (< xamarinios) (< xamarinmac))
      System.Linq (>= 4.3) - restriction: || (>= dnxcore50) (&& (>= netstandard16) (< monotouch) (< xamarinios) (< xamarinmac))
      System.ObjectModel (>= 4.3) - restriction: && (>= netstandard16) (< monotouch) (< xamarinios) (< xamarinmac)
      System.Reflection (>= 4.3) - restriction: || (&& (< net45) (>= netstandard10) (< netstandard13) (< monoandroid) (< win8) (< wp8) (< wpa81)) (&& (< net45) (>= netstandard13) (< netstandard16) (< monoandroid) (< win8) (< wpa81)) (>= dnxcore50) (&& (>= netstandard16) (< monotouch) (< xamarinios) (< xamarinmac))
      System.Reflection.Emit (>= 4.3) - restriction: && (>= netstandard16) (< monotouch) (< xamarinios) (< xamarinmac)
      System.Reflection.Emit.ILGeneration (>= 4.3) - restriction: || (>= dnxcore50) (&& (>= netstandard16) (< monotouch) (< xamarinios) (< xamarinmac))
      System.Reflection.Emit.Lightweight (>= 4.3) - restriction: || (>= dnxcore50) (&& (>= netstandard16) (< monotouch) (< xamarinios) (< xamarinmac))
      System.Reflection.Extensions (>= 4.3) - restriction: || (>= dnxcore50) (&& (>= netstandard16) (< monotouch) (< xamarinios) (< xamarinmac))
      System.Reflection.Primitives (>= 4.3) - restriction: || (>= dnxcore50) (&& (>= netstandard16) (< monotouch) (< xamarinios) (< xamarinmac))
      System.Reflection.TypeExtensions (>= 4.3) - restriction: || (>= dnxcore50) (&& (>= netstandard16) (< monotouch) (< xamarinios) (< xamarinmac))
      System.Resources.ResourceManager (>= 4.3) - restriction: || (>= dnxcore50) (&& (>= netstandard16) (< monotouch) (< xamarinios) (< xamarinmac))
      System.Runtime (>= 4.3) - restriction: || (&& (< net45) (>= netstandard10) (< netstandard13) (< monoandroid) (< win8) (< wp8) (< wpa81)) (&& (< net45) (>= netstandard13) (< netstandard16) (< monoandroid) (< win8) (< wpa81)) (>= dnxcore50) (&& (>= netstandard16) (< monotouch) (< xamarinios) (< xamarinmac))
      System.Runtime.Extensions (>= 4.3) - restriction: || (>= dnxcore50) (&& (>= netstandard16) (< monotouch) (< xamarinios) (< xamarinmac))
      System.Threading (>= 4.3) - restriction: || (>= dnxcore50) (&& (>= netstandard16) (< monotouch) (< xamarinios) (< xamarinmac))
    System.ObjectModel (4.3) - restriction: || (&& (< net45) (>= netstandard10) (< netstandard13) (< monoandroid) (< win8) (< wp8) (< wpa81)) (&& (< net45) (>= netstandard13) (< monotouch) (< xamarinios) (< xamarinmac) (< win8) (< wpa81)) (&& (>= dnxcore50) (>= netstandard10)) (&& (>= dnxcore50) (>= netstandard13)) (&& (>= dnxcore50) (>= netstandard16)) (&& (< netstandard13) (>= netstandard16) (< monoandroid)) (&& (>= netstandard16) (< monotouch) (< xamarinios) (< xamarinmac))
      System.Collections (>= 4.3) - restriction: || (&& (< net45) (>= netstandard13) (< monotouch) (< xamarinios) (< xamarinmac) (< win8) (< wpa81)) (>= dnxcore50)
      System.Diagnostics.Debug (>= 4.3) - restriction: || (&& (< net45) (>= netstandard13) (< monotouch) (< xamarinios) (< xamarinmac) (< win8) (< wpa81)) (>= dnxcore50)
      System.Resources.ResourceManager (>= 4.3) - restriction: || (&& (< net45) (>= netstandard13) (< monotouch) (< xamarinios) (< xamarinmac) (< win8) (< wpa81)) (>= dnxcore50)
      System.Runtime (>= 4.3) - restriction: || (&& (< net45) (>= netstandard10) (< netstandard13) (< monoandroid) (< win8) (< wp8) (< wpa81)) (&& (< net45) (>= netstandard13) (< monotouch) (< xamarinios) (< xamarinmac) (< win8) (< wpa81)) (>= dnxcore50)
      System.Threading (>= 4.3) - restriction: || (&& (< net45) (>= netstandard13) (< monotouch) (< xamarinios) (< xamarinmac) (< win8) (< wpa81)) (>= dnxcore50)
    System.Reflection (4.3) - restriction: || (&& (< net45) (>= netstandard10) (< netstandard13)) (&& (< net45) (>= netstandard13)) (&& (< net45) (>= netstandard15) (< monotouch) (< xamarinios) (< xamarinmac)) (&& (>= dnxcore50) (>= netstandard10)) (&& (>= dnxcore50) (>= netstandard13)) (&& (>= dnxcore50) (>= netstandard16)) (&& (< netstandard13) (>= netstandard16) (< monoandroid)) (&& (>= netstandard16) (< monotouch) (< xamarinios) (< xamarinmac)) (>= netcore11)
      Microsoft.NETCore.Platforms (>= 1.1) - restriction: || (&& (< net45) (>= netstandard10) (< netstandard13) (< monoandroid) (< win8) (< wp8) (< wpa81)) (&& (< net45) (>= netstandard13) (< netstandard15) (< monoandroid) (< win8) (< wpa81)) (&& (< net45) (>= netstandard15) (< monotouch) (< xamarinios) (< xamarinmac)) (>= dnxcore50)
      Microsoft.NETCore.Targets (>= 1.1) - restriction: || (&& (< net45) (>= netstandard10) (< netstandard13) (< monoandroid) (< win8) (< wp8) (< wpa81)) (&& (< net45) (>= netstandard13) (< netstandard15) (< monoandroid) (< win8) (< wpa81)) (&& (< net45) (>= netstandard15) (< monotouch) (< xamarinios) (< xamarinmac)) (>= dnxcore50)
      System.IO (>= 4.3) - restriction: || (&& (< net45) (>= netstandard10) (< netstandard13) (< monoandroid) (< win8) (< wp8) (< wpa81)) (&& (< net45) (>= netstandard13) (< netstandard15) (< monoandroid) (< win8) (< wpa81)) (&& (< net45) (>= netstandard15) (< monotouch) (< xamarinios) (< xamarinmac)) (>= dnxcore50)
      System.Reflection.Primitives (>= 4.3) - restriction: || (&& (< net45) (>= netstandard10) (< netstandard13) (< monoandroid) (< win8) (< wp8) (< wpa81)) (&& (< net45) (>= netstandard13) (< netstandard15) (< monoandroid) (< win8) (< wpa81)) (&& (< net45) (>= netstandard15) (< monotouch) (< xamarinios) (< xamarinmac)) (>= dnxcore50)
      System.Runtime (>= 4.3) - restriction: || (&& (< net45) (>= netstandard10) (< netstandard13) (< monoandroid) (< win8) (< wp8) (< wpa81)) (&& (< net45) (>= netstandard13) (< netstandard15) (< monoandroid) (< win8) (< wpa81)) (&& (< net45) (>= netstandard15) (< monotouch) (< xamarinios) (< xamarinmac)) (>= dnxcore50)
    System.Reflection.Emit (4.3) - restriction: || (&& (< net45) (>= netstandard13) (< monotouch) (< xamarinios) (< xamarinmac) (< win8) (< wpa81)) (&& (>= dnxcore50) (>= netstandard16)) (&& (< netstandard13) (>= netstandard16) (< monoandroid)) (&& (>= netstandard16) (< monotouch) (< xamarinios) (< xamarinmac))
      System.IO (>= 4.3) - restriction: && (< net45) (>= netstandard11) (< monotouch) (< xamarinios) (< xamarinmac)
      System.Reflection (>= 4.3) - restriction: && (< net45) (>= netstandard11) (< monotouch) (< xamarinios) (< xamarinmac)
      System.Reflection.Emit.ILGeneration (>= 4.3) - restriction: && (< net45) (>= netstandard11) (< monotouch) (< xamarinios) (< xamarinmac)
      System.Reflection.Primitives (>= 4.3) - restriction: && (< net45) (>= netstandard11) (< monotouch) (< xamarinios) (< xamarinmac)
      System.Runtime (>= 4.3) - restriction: && (< net45) (>= netstandard11) (< monotouch) (< xamarinios) (< xamarinmac)
    System.Reflection.Emit.ILGeneration (4.3) - restriction: || (&& (< net45) (>= netstandard13) (< monotouch) (< xamarinios) (< xamarinmac) (< win8) (< wpa81)) (&& (>= dnxcore50) (>= netstandard10)) (&& (>= dnxcore50) (>= netstandard13)) (&& (>= dnxcore50) (>= netstandard16)) (&& (< netstandard13) (>= netstandard16) (< monoandroid)) (&& (>= netstandard16) (< monotouch) (< xamarinios) (< xamarinmac))
      System.Reflection (>= 4.3) - restriction: && (< net45) (>= netstandard10) (< monotouch) (< xamarinios) (< xamarinmac) (< wp8)
      System.Reflection.Primitives (>= 4.3) - restriction: && (< net45) (>= netstandard10) (< monotouch) (< xamarinios) (< xamarinmac) (< wp8)
      System.Runtime (>= 4.3) - restriction: && (< net45) (>= netstandard10) (< monotouch) (< xamarinios) (< xamarinmac) (< wp8)
    System.Reflection.Emit.Lightweight (4.3) - restriction: || (&& (>= dnxcore50) (>= netstandard10)) (&& (>= dnxcore50) (>= netstandard13)) (&& (>= dnxcore50) (>= netstandard16)) (&& (< netstandard13) (>= netstandard16) (< monoandroid)) (&& (>= netstandard16) (< monotouch) (< xamarinios) (< xamarinmac))
      System.Reflection (>= 4.3) - restriction: && (< net45) (>= netstandard10) (< monotouch) (< xamarinios) (< xamarinmac) (< wp8)
      System.Reflection.Emit.ILGeneration (>= 4.3) - restriction: && (< net45) (>= netstandard10) (< monotouch) (< xamarinios) (< xamarinmac) (< wp8)
      System.Reflection.Primitives (>= 4.3) - restriction: && (< net45) (>= netstandard10) (< monotouch) (< xamarinios) (< xamarinmac) (< wp8)
      System.Runtime (>= 4.3) - restriction: && (< net45) (>= netstandard10) (< monotouch) (< xamarinios) (< xamarinmac) (< wp8)
    System.Reflection.Extensions (4.3) - restriction: || (&& (< net45) (>= netstandard10) (< netstandard13)) (&& (< net45) (>= netstandard13)) (&& (>= dnxcore50) (>= netstandard10)) (&& (>= dnxcore50) (>= netstandard13)) (&& (>= dnxcore50) (>= netstandard16)) (&& (< netstandard13) (>= netstandard16) (< monoandroid)) (&& (>= netstandard16) (< monotouch) (< xamarinios) (< xamarinmac))
      Microsoft.NETCore.Platforms (>= 1.1) - restriction: || (&& (< net45) (>= netstandard10) (< monotouch) (< xamarinios) (< xamarinmac) (< win8) (< wp8) (< wpa81)) (>= dnxcore50)
      Microsoft.NETCore.Targets (>= 1.1) - restriction: || (&& (< net45) (>= netstandard10) (< monotouch) (< xamarinios) (< xamarinmac) (< win8) (< wp8) (< wpa81)) (>= dnxcore50)
      System.Reflection (>= 4.3) - restriction: || (&& (< net45) (>= netstandard10) (< monotouch) (< xamarinios) (< xamarinmac) (< win8) (< wp8) (< wpa81)) (>= dnxcore50)
      System.Runtime (>= 4.3) - restriction: || (&& (< net45) (>= netstandard10) (< monotouch) (< xamarinios) (< xamarinmac) (< win8) (< wp8) (< wpa81)) (>= dnxcore50)
    System.Reflection.Primitives (4.3) - restriction: || (&& (< net45) (>= netstandard10) (< netstandard13) (< monoandroid) (< win8) (< wp8) (< wpa81)) (&& (< net45) (< netstandard12) (>= netstandard13) (< monoandroid) (< win8)) (&& (< net45) (< netstandard12) (>= netstandard15) (< monoandroid)) (&& (< net45) (>= netstandard13) (< netstandard15) (< monoandroid) (< win8) (< wpa81)) (&& (< net45) (< netstandard13) (>= netstandard15)) (&& (< net45) (>= netstandard15) (< monotouch) (< xamarinios) (< xamarinmac)) (&& (>= dnxcore50) (>= netstandard10)) (&& (>= dnxcore50) (>= netstandard13)) (&& (>= dnxcore50) (>= netstandard15)) (&& (>= dnxcore50) (>= netstandard16)) (&& (< netstandard13) (>= netstandard16) (< monoandroid)) (&& (>= netstandard16) (< monotouch) (< xamarinios) (< xamarinmac)) (>= netcore11)
      Microsoft.NETCore.Platforms (>= 1.1) - restriction: || (&& (< net45) (>= netstandard10) (< monotouch) (< xamarinios) (< xamarinmac) (< win8) (< wp8) (< wpa81)) (>= dnxcore50)
      Microsoft.NETCore.Targets (>= 1.1) - restriction: || (&& (< net45) (>= netstandard10) (< monotouch) (< xamarinios) (< xamarinmac) (< win8) (< wp8) (< wpa81)) (>= dnxcore50)
      System.Runtime (>= 4.3) - restriction: || (&& (< net45) (>= netstandard10) (< monotouch) (< xamarinios) (< xamarinmac) (< win8) (< wp8) (< wpa81)) (>= dnxcore50)
    System.Reflection.TypeExtensions (4.3) - restriction: || (&& (< net45) (>= netstandard13) (< monotouch) (< xamarinios) (< xamarinmac) (< win8) (< wpa81)) (&& (>= dnxcore50) (>= netstandard10)) (&& (>= dnxcore50) (>= netstandard13)) (&& (>= dnxcore50) (>= netstandard16)) (&& (< netstandard13) (>= netstandard16) (< monoandroid)) (&& (>= netstandard16) (< monotouch) (< xamarinios) (< xamarinmac))
      System.Reflection (>= 4.3) - restriction: || (&& (< net46) (>= netstandard13) (< netstandard15) (< monoandroid)) (&& (< net46) (>= netstandard15) (< monotouch) (< xamarinios) (< xamarinmac)) (>= net462) (>= dnxcore50)
      System.Runtime (>= 4.3) - restriction: || (&& (< net46) (>= netstandard13) (< netstandard15) (< monoandroid)) (&& (< net46) (>= netstandard15) (< monotouch) (< xamarinios) (< xamarinmac)) (>= dnxcore50)
    System.Resources.ResourceManager (4.3) - restriction: || (&& (< net45) (>= netstandard13) (< monotouch) (< xamarinios) (< xamarinmac)) (&& (>= dnxcore50) (>= netstandard10)) (&& (>= dnxcore50) (>= netstandard13)) (&& (>= dnxcore50) (>= netstandard16)) (&& (< netstandard13) (>= netstandard16)) (&& (>= netstandard16) (< monotouch) (< xamarinios) (< xamarinmac))
      Microsoft.NETCore.Platforms (>= 1.1) - restriction: || (&& (< net45) (>= netstandard10) (< monotouch) (< xamarinios) (< xamarinmac) (< win8) (< wp8) (< wpa81)) (>= dnxcore50)
      Microsoft.NETCore.Targets (>= 1.1) - restriction: || (&& (< net45) (>= netstandard10) (< monotouch) (< xamarinios) (< xamarinmac) (< win8) (< wp8) (< wpa81)) (>= dnxcore50)
      System.Globalization (>= 4.3) - restriction: || (&& (< net45) (>= netstandard10) (< monotouch) (< xamarinios) (< xamarinmac) (< win8) (< wp8) (< wpa81)) (>= dnxcore50)
      System.Reflection (>= 4.3) - restriction: || (&& (< net45) (>= netstandard10) (< monotouch) (< xamarinios) (< xamarinmac) (< win8) (< wp8) (< wpa81)) (>= dnxcore50)
      System.Runtime (>= 4.3) - restriction: || (&& (< net45) (>= netstandard10) (< monotouch) (< xamarinios) (< xamarinmac) (< win8) (< wp8) (< wpa81)) (>= dnxcore50)
    System.Runtime (4.3) - restriction: || (&& (< net45) (>= net462)) (&& (< net45) (>= netstandard10) (< netstandard13)) (&& (< net45) (>= netstandard13)) (&& (< net45) (< netstandard13) (>= netstandard15)) (&& (< net45) (>= netstandard15) (< monotouch) (< xamarinios) (< xamarinmac)) (&& (>= dnxcore50) (>= netstandard10)) (&& (>= dnxcore50) (>= netstandard13)) (&& (>= dnxcore50) (>= netstandard15)) (&& (>= dnxcore50) (>= netstandard16)) (&& (< netstandard13) (>= netstandard16)) (&& (>= netstandard16) (< monotouch) (< xamarinios) (< xamarinmac)) (>= netcore11)
      Microsoft.NETCore.Platforms (>= 1.1) - restriction: || (&& (< net45) (>= netstandard10) (< netstandard12) (< monoandroid) (< win8) (< wp8)) (&& (< net45) (>= netstandard12) (< netstandard13) (< monoandroid) (< win8) (< wpa81)) (&& (< net45) (>= netstandard13) (< netstandard15) (< monoandroid) (< win8) (< wpa81)) (&& (< net45) (>= netstandard15) (< monotouch) (< xamarinios) (< xamarinmac)) (>= dnxcore50)
      Microsoft.NETCore.Targets (>= 1.1) - restriction: || (&& (< net45) (>= netstandard10) (< netstandard12) (< monoandroid) (< win8) (< wp8)) (&& (< net45) (>= netstandard12) (< netstandard13) (< monoandroid) (< win8) (< wpa81)) (&& (< net45) (>= netstandard13) (< netstandard15) (< monoandroid) (< win8) (< wpa81)) (&& (< net45) (>= netstandard15) (< monotouch) (< xamarinios) (< xamarinmac)) (>= dnxcore50)
    System.Runtime.Extensions (4.3) - restriction: || (&& (< net45) (>= netstandard10) (< netstandard13)) (&& (< net45) (>= netstandard13)) (&& (>= dnxcore50) (>= netstandard10)) (&& (>= dnxcore50) (>= netstandard13)) (&& (>= dnxcore50) (>= netstandard16)) (&& (< netstandard13) (>= netstandard16)) (&& (>= netstandard16) (< monotouch) (< xamarinios) (< xamarinmac))
      Microsoft.NETCore.Platforms (>= 1.1) - restriction: || (&& (< net45) (>= netstandard10) (< netstandard13) (< monoandroid) (< win8) (< wp8) (< wpa81)) (&& (< net45) (>= netstandard13) (< netstandard15) (< monoandroid) (< win8) (< wpa81)) (&& (< net45) (>= netstandard15) (< monotouch) (< xamarinios) (< xamarinmac)) (>= dnxcore50)
      Microsoft.NETCore.Targets (>= 1.1) - restriction: || (&& (< net45) (>= netstandard10) (< netstandard13) (< monoandroid) (< win8) (< wp8) (< wpa81)) (&& (< net45) (>= netstandard13) (< netstandard15) (< monoandroid) (< win8) (< wpa81)) (&& (< net45) (>= netstandard15) (< monotouch) (< xamarinios) (< xamarinmac)) (>= dnxcore50)
      System.Runtime (>= 4.3) - restriction: || (&& (< net45) (>= netstandard10) (< netstandard13) (< monoandroid) (< win8) (< wp8) (< wpa81)) (&& (< net45) (>= netstandard13) (< netstandard15) (< monoandroid) (< win8) (< wpa81)) (&& (< net45) (>= netstandard15) (< monotouch) (< xamarinios) (< xamarinmac)) (>= dnxcore50)
    System.Runtime.Handles (4.3) - restriction: || (&& (< net45) (>= netstandard13) (< netstandard15) (< monoandroid) (< win8) (< wpa81)) (&& (< net45) (>= netstandard13) (< monotouch) (< xamarinios) (< xamarinmac)) (&& (< net45) (>= netstandard15) (< monotouch) (< xamarinios) (< xamarinmac)) (&& (>= dnxcore50) (>= netstandard13)) (>= netcore11)
      Microsoft.NETCore.Platforms (>= 1.1) - restriction: && (< net46) (>= netstandard13) (< monotouch) (< xamarinios) (< xamarinmac)
      Microsoft.NETCore.Targets (>= 1.1) - restriction: && (< net46) (>= netstandard13) (< monotouch) (< xamarinios) (< xamarinmac)
      System.Runtime (>= 4.3) - restriction: && (< net46) (>= netstandard13) (< monotouch) (< xamarinios) (< xamarinmac)
    System.Runtime.InteropServices (4.3) - restriction: || (&& (< net45) (>= netstandard13)) (&& (>= dnxcore50) (>= netstandard10)) (&& (>= dnxcore50) (>= netstandard13))
      Microsoft.NETCore.Platforms (>= 1.1) - restriction: || (&& (< net45) (>= netstandard11) (< netstandard12) (< monoandroid) (< win8)) (&& (< net45) (>= netstandard12) (< netstandard13) (< monoandroid) (< win8) (< wpa81)) (&& (< net45) (>= netstandard13) (< netstandard15) (< monoandroid) (< win8) (< wpa81)) (&& (< net45) (>= netstandard15) (< monotouch) (< xamarinios) (< xamarinmac)) (>= dnxcore50) (>= netcore11)
      Microsoft.NETCore.Targets (>= 1.1) - restriction: || (&& (< net45) (>= netstandard11) (< netstandard12) (< monoandroid) (< win8)) (&& (< net45) (>= netstandard12) (< netstandard13) (< monoandroid) (< win8) (< wpa81)) (&& (< net45) (>= netstandard13) (< netstandard15) (< monoandroid) (< win8) (< wpa81)) (&& (< net45) (>= netstandard15) (< monotouch) (< xamarinios) (< xamarinmac)) (>= dnxcore50) (>= netcore11)
      System.Reflection (>= 4.3) - restriction: || (&& (< net45) (>= netstandard11) (< netstandard12) (< monoandroid) (< win8)) (&& (< net45) (>= netstandard12) (< netstandard13) (< monoandroid) (< win8) (< wpa81)) (&& (< net45) (>= netstandard13) (< netstandard15) (< monoandroid) (< win8) (< wpa81)) (&& (< net45) (>= netstandard15) (< monotouch) (< xamarinios) (< xamarinmac)) (>= dnxcore50) (>= netcore11)
      System.Reflection.Primitives (>= 4.3) - restriction: || (&& (< net45) (>= netstandard11) (< netstandard12) (< monoandroid) (< win8)) (&& (< net45) (>= netstandard12) (< netstandard13) (< monoandroid) (< win8) (< wpa81)) (&& (< net45) (>= netstandard13) (< netstandard15) (< monoandroid) (< win8) (< wpa81)) (&& (< net45) (>= netstandard15) (< monotouch) (< xamarinios) (< xamarinmac)) (>= dnxcore50) (>= netcore11)
      System.Runtime (>= 4.3) - restriction: || (&& (< net45) (>= netstandard11) (< netstandard12) (< monoandroid) (< win8)) (&& (< net45) (>= netstandard12) (< netstandard13) (< monoandroid) (< win8) (< wpa81)) (&& (< net45) (>= netstandard13) (< netstandard15) (< monoandroid) (< win8) (< wpa81)) (&& (< net45) (>= netstandard15) (< monotouch) (< xamarinios) (< xamarinmac)) (>= net462) (>= dnxcore50) (>= netcore11)
      System.Runtime.Handles (>= 4.3) - restriction: || (&& (< net45) (>= netstandard13) (< netstandard15) (< monoandroid) (< win8) (< wpa81)) (&& (< net45) (>= netstandard15) (< monotouch) (< xamarinios) (< xamarinmac)) (>= dnxcore50) (>= netcore11)
    System.Text.Encoding (4.3) - restriction: || (&& (< net45) (>= netstandard10) (< netstandard13) (< monoandroid) (< win8) (< wp8) (< wpa81)) (&& (< net45) (>= netstandard13) (< netstandard15) (< monoandroid) (< win8) (< wpa81)) (&& (< net45) (>= netstandard13) (< monotouch) (< xamarinios) (< xamarinmac)) (&& (< net45) (< netstandard13) (>= netstandard15)) (&& (< net45) (>= netstandard15) (< monotouch) (< xamarinios) (< xamarinmac)) (&& (>= dnxcore50) (>= netstandard10)) (&& (>= dnxcore50) (>= netstandard13)) (&& (>= dnxcore50) (>= netstandard15)) (>= netcore11)
      Microsoft.NETCore.Platforms (>= 1.1) - restriction: || (&& (< net45) (>= netstandard10) (< netstandard13) (< monoandroid) (< win8) (< wp8) (< wpa81)) (&& (< net45) (>= netstandard13) (< monotouch) (< xamarinios) (< xamarinmac) (< win8) (< wpa81)) (>= dnxcore50)
      Microsoft.NETCore.Targets (>= 1.1) - restriction: || (&& (< net45) (>= netstandard10) (< netstandard13) (< monoandroid) (< win8) (< wp8) (< wpa81)) (&& (< net45) (>= netstandard13) (< monotouch) (< xamarinios) (< xamarinmac) (< win8) (< wpa81)) (>= dnxcore50)
      System.Runtime (>= 4.3) - restriction: || (&& (< net45) (>= netstandard10) (< netstandard13) (< monoandroid) (< win8) (< wp8) (< wpa81)) (&& (< net45) (>= netstandard13) (< monotouch) (< xamarinios) (< xamarinmac) (< win8) (< wpa81)) (>= dnxcore50)
    System.Text.Encoding.Extensions (4.3) - restriction: && (< net45) (>= netstandard13)
      Microsoft.NETCore.Platforms (>= 1.1) - restriction: || (&& (< net45) (>= netstandard10) (< netstandard13) (< monoandroid) (< win8) (< wp8) (< wpa81)) (&& (< net45) (>= netstandard13) (< monotouch) (< xamarinios) (< xamarinmac) (< win8) (< wpa81)) (>= dnxcore50)
      Microsoft.NETCore.Targets (>= 1.1) - restriction: || (&& (< net45) (>= netstandard10) (< netstandard13) (< monoandroid) (< win8) (< wp8) (< wpa81)) (&& (< net45) (>= netstandard13) (< monotouch) (< xamarinios) (< xamarinmac) (< win8) (< wpa81)) (>= dnxcore50)
      System.Runtime (>= 4.3) - restriction: || (&& (< net45) (>= netstandard10) (< netstandard13) (< monoandroid) (< win8) (< wp8) (< wpa81)) (&& (< net45) (>= netstandard13) (< monotouch) (< xamarinios) (< xamarinmac) (< win8) (< wpa81)) (>= dnxcore50)
      System.Text.Encoding (>= 4.3) - restriction: || (&& (< net45) (>= netstandard10) (< netstandard13) (< monoandroid) (< win8) (< wp8) (< wpa81)) (&& (< net45) (>= netstandard13) (< monotouch) (< xamarinios) (< xamarinmac) (< win8) (< wpa81)) (>= dnxcore50)
    System.Text.RegularExpressions (4.3) - restriction: || (&& (< net45) (>= netstandard10) (< netstandard13)) (&& (< net45) (>= netstandard13))
      System.Collections (>= 4.3) - restriction: || (>= dnxcore50) (&& (>= netstandard16) (< netcore11) (< monotouch) (< xamarinios) (< xamarinmac))
      System.Globalization (>= 4.3) - restriction: || (>= dnxcore50) (&& (>= netstandard16) (< netcore11) (< monotouch) (< xamarinios) (< xamarinmac))
      System.Resources.ResourceManager (>= 4.3) - restriction: || (>= dnxcore50) (&& (>= netstandard16) (< netcore11) (< monotouch) (< xamarinios) (< xamarinmac))
      System.Runtime (>= 4.3) - restriction: || (&& (< net45) (>= netstandard10) (< netstandard13) (< monoandroid) (< win8) (< wp8) (< wpa81)) (&& (< net45) (>= netstandard13) (< netstandard16) (< monoandroid) (< win8) (< wpa81)) (>= dnxcore50) (&& (>= netstandard16) (< monotouch) (< xamarinios) (< xamarinmac)) (>= netcore11)
      System.Runtime.Extensions (>= 4.3) - restriction: || (>= dnxcore50) (&& (>= netstandard16) (< netcore11) (< monotouch) (< xamarinios) (< xamarinmac))
      System.Threading (>= 4.3) - restriction: || (>= dnxcore50) (&& (>= netstandard16) (< netcore11) (< monotouch) (< xamarinios) (< xamarinmac))
    System.Threading (4.3) - restriction: || (&& (< net45) (>= netstandard10) (< netstandard13)) (&& (< net45) (>= netstandard13)) (&& (>= dnxcore50) (>= netstandard10)) (&& (>= dnxcore50) (>= netstandard13)) (&& (>= dnxcore50) (>= netstandard16)) (&& (< netstandard13) (>= netstandard16)) (&& (>= netstandard16) (< monotouch) (< xamarinios) (< xamarinmac))
      System.Runtime (>= 4.3) - restriction: || (&& (< net45) (>= netstandard10) (< netstandard13) (< monoandroid) (< win8) (< wp8) (< wpa81)) (&& (< net45) (>= netstandard13) (< monotouch) (< xamarinios) (< xamarinmac) (< win8) (< wpa81)) (>= dnxcore50)
      System.Threading.Tasks (>= 4.3) - restriction: || (&& (< net45) (>= netstandard10) (< netstandard13) (< monoandroid) (< win8) (< wp8) (< wpa81)) (&& (< net45) (>= netstandard13) (< monotouch) (< xamarinios) (< xamarinmac) (< win8) (< wpa81)) (>= dnxcore50)
    System.Threading.Tasks (4.3) - restriction: || (&& (< net45) (>= netstandard10) (< netstandard13) (< monoandroid) (< win8) (< wp8) (< wpa81)) (&& (< net45) (>= netstandard13) (< netstandard15) (< monoandroid) (< win8) (< wpa81)) (&& (< net45) (>= netstandard13) (< monotouch) (< xamarinios) (< xamarinmac)) (&& (< net45) (< netstandard13) (>= netstandard15)) (&& (< net45) (>= netstandard15) (< monotouch) (< xamarinios) (< xamarinmac)) (&& (>= dnxcore50) (>= netstandard10)) (&& (>= dnxcore50) (>= netstandard13)) (&& (>= dnxcore50) (>= netstandard15)) (>= netcore11)
      Microsoft.NETCore.Platforms (>= 1.1) - restriction: || (&& (< net45) (>= netstandard10) (< netstandard13) (< monoandroid) (< win8) (< wp8) (< wpa81)) (&& (< net45) (>= netstandard13) (< monotouch) (< xamarinios) (< xamarinmac) (< win8) (< wpa81)) (>= dnxcore50)
      Microsoft.NETCore.Targets (>= 1.1) - restriction: || (&& (< net45) (>= netstandard10) (< netstandard13) (< monoandroid) (< win8) (< wp8) (< wpa81)) (&& (< net45) (>= netstandard13) (< monotouch) (< xamarinios) (< xamarinmac) (< win8) (< wpa81)) (>= dnxcore50)
      System.Runtime (>= 4.3) - restriction: || (&& (< net45) (>= netstandard10) (< netstandard13) (< monoandroid) (< win8) (< wp8) (< wpa81)) (&& (< net45) (>= netstandard13) (< monotouch) (< xamarinios) (< xamarinmac) (< win8) (< wpa81)) (>= dnxcore50)
    System.Threading.Timer (4.3) - restriction: && (< net45) (>= netstandard13)
      Microsoft.NETCore.Platforms (>= 1.1) - restriction: || (&& (< net451) (>= netstandard12) (< monotouch) (< xamarinios) (< xamarinmac) (< win81) (< wpa81)) (>= dnxcore50)
      Microsoft.NETCore.Targets (>= 1.1) - restriction: || (&& (< net451) (>= netstandard12) (< monotouch) (< xamarinios) (< xamarinmac) (< win81) (< wpa81)) (>= dnxcore50)
      System.Runtime (>= 4.3) - restriction: || (&& (< net451) (>= netstandard12) (< monotouch) (< xamarinios) (< xamarinmac) (< win81) (< wpa81)) (>= dnxcore50)
    Zlib.Portable (1.11) - restriction: || (&& (< net40) (>= portable-net45+win8)) (&& (< net40) (>= portable-net45+win8+sl5) (< portable-net45+win8+wp8+wpa81)) (&& (< net40) (< portable-net45+win8+sl5) (>= portable-net45+win8+wp8+wpa81))
GITHUB
  remote: fsharp/FAKE
    modules/Octokit/Octokit.fsx (15e1b741f4ae9fbaad640a65231dfcec28ce6ddd)
      Octokit (>= 0.20)
GROUP Test
NUGET
  remote: https://www.nuget.org/api/v2
    NUnit (2.6.4)
    NUnit.Runners (2.6.4)
