RESTRICTION: >= net45
NUGET
  remote: https://www.nuget.org/api/v2
    FSharp.Core (4.0.0.1) - redirects: force

GROUP Build
NUGET
  remote: https://www.nuget.org/api/v2
    FAKE (4.61.3)
    FSharp.Compiler.Service (2.0.0.6)
    FSharp.Data (2.3.3)
      Zlib.Portable (>= 1.11) - restriction: || (&& (< net40) (>= portable-net45+win8)) (&& (< net40) (>= portable-net45+win8+sl5) (< portable-net45+win8+wp8+wpa81)) (&& (< net40) (< portable-net45+win8+sl5) (>= portable-net45+win8+wp8+wpa81))
    FSharp.Formatting (2.14.4)
      FSharp.Compiler.Service (2.0.0.6)
      FSharpVSPowerTools.Core (>= 2.3 < 2.4)
    FSharpVSPowerTools.Core (2.3)
      FSharp.Compiler.Service (>= 2.0.0.3)
    Microsoft.ApplicationInsights (2.3) - restriction: >= net40
      Microsoft.Diagnostics.Tracing.EventSource.Redist (>= 1.1.28) - restriction: && (>= net40) (< net45) (< netstandard13)
    Microsoft.ApplicationInsights.Agent.Intercept (2.0.7) - restriction: >= net40
      Microsoft.Diagnostics.Tracing.EventSource.Redist (>= 1.1.28) - restriction: && (>= net40) (< net45)
    Microsoft.ApplicationInsights.DependencyCollector (2.3) - restriction: >= net40
      Microsoft.ApplicationInsights (2.3) - restriction: >= net40
      Microsoft.ApplicationInsights.Agent.Intercept (>= 2.0.7) - restriction: >= net40
    Microsoft.ApplicationInsights.PerfCounterCollector (2.3) - restriction: >= net40
      Microsoft.ApplicationInsights (>= 2.3) - restriction: && (>= net40) (< net45)
      Microsoft.ApplicationInsights (2.3) - restriction: >= net45
      Microsoft.Diagnostics.Tracing.EventSource.Redist (>= 1.1.28) - restriction: && (>= net40) (< net45)
    Microsoft.ApplicationInsights.WindowsServer (2.3)
      Microsoft.ApplicationInsights (2.3) - restriction: >= net40
      Microsoft.ApplicationInsights.DependencyCollector (>= 2.3) - restriction: >= net40
      Microsoft.ApplicationInsights.PerfCounterCollector (>= 2.3) - restriction: >= net40
      Microsoft.ApplicationInsights.WindowsServer.TelemetryChannel (2.3) - restriction: >= net40
      Microsoft.Diagnostics.Tracing.EventSource.Redist (>= 1.1.28) - restriction: && (>= net40) (< net45)
    Microsoft.ApplicationInsights.WindowsServer.TelemetryChannel (2.3) - restriction: >= net40
      Microsoft.ApplicationInsights (2.3) - restriction: >= net40
      Microsoft.Bcl (>= 1.1.10) - restriction: && (>= net40) (< net45)
      Microsoft.Bcl.Async (>= 1.0.168) - restriction: && (>= net40) (< net45)
      Microsoft.Diagnostics.Tracing.EventSource.Redist (>= 1.1.28) - restriction: && (>= net40) (< net45)
    Microsoft.Bcl (1.1.10) - restriction: || (&& (>= net40) (< net45)) (&& (< net45) (< win8) (< portable-win81+wpa81))
      Microsoft.Bcl.Build (>= 1.0.14)
    Microsoft.Bcl.Async (1.0.168) - restriction: && (>= net40) (< net45)
      Microsoft.Bcl (>= 1.1.8)
    Microsoft.Bcl.Build (1.0.21) - import_targets: false, restriction: && (< net45) (< win8) (< portable-win81+wpa81)
    Microsoft.Diagnostics.Tracing.EventSource.Redist (1.1.28) - restriction: && (>= net40) (< net45)
    Microsoft.Net.Http (2.2.29) - restriction: && (< net45) (< win8) (< portable-win81+wpa81)
      Microsoft.Bcl (>= 1.1.10)
      Microsoft.Bcl.Build (>= 1.0.14)
    Octokit (0.24)
      Microsoft.Net.Http  - restriction: && (< net45) (< win8) (< portable-win81+wpa81)
    SourceLink.Fake (1.1)
    Zlib.Portable (1.11) - restriction: || (&& (< net40) (>= portable-net45+win8)) (&& (< net40) (>= portable-net45+win8+sl5) (< portable-net45+win8+wp8+wpa81)) (&& (< net40) (< portable-net45+win8+sl5) (>= portable-net45+win8+wp8+wpa81))
GITHUB
  remote: fsharp/FAKE
    modules/Octokit/Octokit.fsx (15e1b741f4ae9fbaad640a65231dfcec28ce6ddd)
      Octokit (>= 0.20)
GROUP Test
NUGET
  remote: https://www.nuget.org/api/v2
    NUnit (2.6.4)
    NUnit.Runners (2.6.4)
